GEM
  remote: https://rubygems.org/
  specs:
    httparty (0.13.3)
      json (~> 1.8)
      multi_xml (>= 0.5.2)
    json (1.8.2)
    multi_json (1.10.1)
    multi_xml (0.5.5)
    sqlite3 (1.3.9)
    strava-api-v3 (0.1.0)
      httparty
      multi_json

PLATFORMS
  ruby

DEPENDENCIES
  sqlite3
  strava-api-v3
